GEM
  remote: https://rubygems.org/
  specs:
    coderay (1.1.2)
    daemons (1.2.6)
    dotenv (2.5.0)
    eventmachine (1.2.7)
    gepub (0.7.1)
      nokogiri (>= 1.8.2, < 1.9)
      rubyzip (>= 1.1.1)
    haml (5.0.4)
      temple (>= 0.8.0)
      tilt
    hipchat (1.6.0)
      httparty
      mimemagic
    httparty (0.16.2)
      multi_xml (>= 0.5.2)
    json (2.1.0)
    method_source (0.9.0)
    mimemagic (0.3.2)
    mini_portile2 (2.3.0)
    multi_xml (0.6.0)
    mustermann (1.0.3)
    nokogiri (1.8.5)
      mini_portile2 (~> 2.3.0)
    postmark (1.14.0)
      json
      rake
    pry (0.11.3)
      coderay (~> 1.1.0)
      method_source (~> 0.9.0)
    rack (2.0.5)
    rack-protection (2.0.4)
      rack
    rake (12.3.1)
    rubyzip (1.2.2)
    shotgun (0.9.2)
      rack (>= 1.0)
    sinatra (2.0.4)
      mustermann (~> 1.0)
      rack (~> 2.0)
      rack-protection (= 2.0.4)
      tilt (~> 2.0)
    slack-notifier (2.3.2)
    temple (0.8.0)
    thin (1.7.2)
      daemons (~> 1.0, >= 1.0.9)
      eventmachine (~> 1.0, >= 1.0.4)
      rack (>= 1, < 3)
    tilt (2.0.8)

PLATFORMS
  ruby

DEPENDENCIES
  dotenv
  gepub
  haml
  hipchat
  httparty
  nokogiri
  postmark
  pry
  rake
  shotgun
  sinatra
  slack-notifier
  thin

RUBY VERSION
   ruby 2.5.1p57

BUNDLED WITH
   1.16.3
