GEM
  remote: https://rubygems.org/
  specs:
    activesupport (3.1.12)
      multi_json (~> 1.0)
    builder (3.2.2)
    coderay (1.1.0)
    curb (0.7.18)
    feedzirra (0.1.3)
      activesupport (~> 3.1.1)
      builder (>= 2.1.2)
      curb (~> 0.7.15)
      i18n (>= 0.5.0)
      loofah (~> 1.2.0)
      nokogiri (>= 1.4.4)
      rake (>= 0.8.7)
      rdoc (~> 3.8)
      sax-machine (~> 0.1.0)
    gepub (0.6.9.1)
      nokogiri (~> 1.5.6)
      rubyzip (~> 0.9.7)
    haml (4.0.5)
      tilt
    i18n (0.6.9)
    json (1.8.1)
    loofah (1.2.1)
      nokogiri (>= 1.4.4)
    method_source (0.8.2)
    multi_json (1.8.4)
    nokogiri (1.5.11)
    pry (0.9.12.4)
      coderay (~> 1.0)
      method_source (~> 0.8)
      slop (~> 3.4)
    rack (1.5.2)
    rack-protection (1.5.1)
      rack
    rake (10.1.1)
    rdoc (3.12.2)
      json (~> 1.4)
    rubyzip (0.9.9)
    sax-machine (0.1.0)
      nokogiri (> 0.0.0)
    sinatra (1.4.4)
      rack (~> 1.4)
      rack-protection (~> 1.4)
      tilt (~> 1.3, >= 1.3.4)
    slop (3.4.7)
    tilt (1.4.1)

PLATFORMS
  ruby

DEPENDENCIES
  feedzirra
  gepub
  haml
  nokogiri
  pry
  sinatra
