GEM
  remote: https://rubygems.org/
  specs:
    coderay (1.1.0)
    gepub (0.6.9.1)
      nokogiri (~> 1.5.6)
      rubyzip (~> 0.9.7)
    method_source (0.8.2)
    nokogiri (1.5.11)
    pry (0.9.12.4)
      coderay (~> 1.0)
      method_source (~> 0.8)
      slop (~> 3.4)
    rack (1.5.2)
    rack-protection (1.5.1)
      rack
    rubyzip (0.9.9)
    sinatra (1.4.4)
      rack (~> 1.4)
      rack-protection (~> 1.4)
      tilt (~> 1.3, >= 1.3.4)
    slop (3.4.7)
    tilt (1.4.1)

PLATFORMS
  ruby

DEPENDENCIES
  gepub
  nokogiri
  pry
  sinatra
